GEM
  remote: http://rubygems.org/
  specs:
    activemodel (3.2.1)
      activesupport (= 3.2.1)
      builder (~> 3.0.0)
    activesupport (3.2.1)
      i18n (~> 0.6)
      multi_json (~> 1.0)
    builder (3.0.0)
    i18n (0.6.0)
    libv8 (3.3.10.4)
    multi_json (1.0.4)
    nokogiri (1.5.0)
    therubyracer (0.9.9)
      libv8 (~> 3.3.10)

PLATFORMS
  ruby

DEPENDENCIES
  activemodel (~> 3.2.1)
  nokogiri (~> 1.5.0)
  therubyracer (~> 0.9.9)
